GEM
  remote: http://rubygems.org/
  specs:
    albino (1.3.3)
      posix-spawn (>= 0.3.6)
    crack (0.1.8)
    haml (3.0.25)
    httparty (0.7.3)
      crack (= 0.1.8)
    nokogiri (1.5.0)
    posix-spawn (0.3.6)
    rack (1.2.1)
    rack-cache (1.1)
      rack (>= 0.4)
    redcarpet (1.17.2)
    sinatra (1.1.2)
      rack (~> 1.1)
      tilt (~> 1.2)
    tilt (1.2.2)

PLATFORMS
  ruby

DEPENDENCIES
  albino
  crack
  haml
  httparty
  nokogiri
  rack-cache
  redcarpet
  sinatra
