GEM
  remote: http://rubygems.org/
  specs:
    crack (0.1.8)
    dalli (1.0.2)
    haml (3.0.25)
    httparty (0.7.3)
      crack (= 0.1.8)
    rack (1.2.1)
    rdiscount (1.6.8)
    sinatra (1.1.2)
      rack (~> 1.1)
      tilt (~> 1.2)
    tilt (1.2.2)

PLATFORMS
  ruby

DEPENDENCIES
  crack
  dalli
  haml
  httparty
  rack
  rdiscount
  sinatra
